GEM
  remote: https://rubygems.org/
  specs:
    minitest (5.11.3)
    rake (12.3.1)
    rdoc (6.0.3)

PLATFORMS
  java
  ruby

DEPENDENCIES
  minitest
  rake
  rdoc

BUNDLED WITH
   1.16.1
