PATH
  remote: .
  specs:
    methodfinder (2.2.1)

GEM
  remote: https://rubygems.org/
  specs:
    minitest (5.11.3)
    rake (10.5.0)
    rdoc (6.0.1)

PLATFORMS
  ruby

DEPENDENCIES
  bundler (~> 1.16)
  methodfinder!
  minitest (~> 5.0)
  rake (~> 10.0)
  rdoc (~> 6.0)

BUNDLED WITH
   1.16.1
