GEM
  remote: http://rubygems.org/
  specs:
    minitest (2.6.0)
    rake (0.9.2)

PLATFORMS
  java
  ruby

DEPENDENCIES
  minitest (~> 2.6.0)
  rake
