GEM
  remote: http://rubygems.org/
  specs:
    minitest (2.6.0)

PLATFORMS
  ruby

DEPENDENCIES
  minitest (~> 2.6.0)
