GEM
  remote: https://rubygems.org/
  specs:
    minitest (2.6.0)
    rake (0.9.2)
    rdoc (4.0.0)

PLATFORMS
  java
  ruby

DEPENDENCIES
  minitest
  rake
  rdoc
