GEM
  remote: https://rubygems.org/
  specs:
    minitest (5.10.1)
    rake (12.0.0)
    rdoc (5.0.0)

PLATFORMS
  java
  ruby

DEPENDENCIES
  minitest
  rake
  rdoc

BUNDLED WITH
   1.14.3
